GIT
  remote: git://github.com/moonglum/exogenesis.git
  revision: 39e6e178ef6d9a62af2c4f382b7ad75107b6d529
  specs:
    exogenesis (0.2.0)
      megingiard (~> 0.1.0)

GEM
  remote: https://rubygems.org/
  specs:
    megingiard (0.1.0)
      utf8_emoji (~> 0.1.0)
    rake (10.3.2)
    utf8_emoji (0.1.0)

PLATFORMS
  ruby

DEPENDENCIES
  exogenesis!
  rake
