GIT
  remote: git://github.com/moonglum/exogenesis.git
  revision: 3fae9e7ea0fae22a3bff911ce9c5dc3081f9a1e2
  specs:
    exogenesis (0.2.0)

GEM
  remote: https://rubygems.org/
  specs:
    rake (10.3.2)

PLATFORMS
  ruby

DEPENDENCIES
  exogenesis!
  rake
