PATH
  remote: ../exogenesis
  specs:
    exogenesis (1.0.0)
      megingiard (~> 0.1.0)

GEM
  remote: https://rubygems.org/
  specs:
    megingiard (0.1.0)
      utf8_emoji (~> 0.1.0)
    rake (11.2.2)
    utf8_emoji (0.1.0)

PLATFORMS
  ruby

DEPENDENCIES
  exogenesis!
  rake

BUNDLED WITH
   1.11.2
