PATH
  remote: ../exogenesis
  specs:
    exogenesis (0.2.0)
      megingiard (~> 0.1.0)

GEM
  remote: https://rubygems.org/
  specs:
    megingiard (0.1.0)
      utf8_emoji (~> 0.1.0)
    rake (10.3.2)
    utf8_emoji (0.1.0)

PLATFORMS
  ruby

DEPENDENCIES
  exogenesis!
  rake
